GIT
  remote: git://github.com/chriseppstein/compass.git
  revision: 16383b55188b810c74e8c96f978feed92ca45cb7
  ref: 16383b5518
  specs:
    compass (0.13.alpha.2.16383b5)
      chunky_png (~> 1.2)
      listen (~> 0.5.3)
      sass (~> 3.2.5)

GEM
  remote: http://rubygems.org/
  specs:
    chunky_png (1.2.7)
    ffi (1.3.1)
    listen (0.5.3)
    rb-inotify (0.8.8)
      ffi (>= 0.5.0)
    sass (3.2.5)

PLATFORMS
  ruby

DEPENDENCIES
  compass!
  rb-inotify (~> 0.8.8)
  sass (~> 3.2.5)
